GEM
  remote: https://rubygems.org/
  specs:
    polyglot (0.3.5)
    sequel (5.26.0)
    sqlite3 (1.4.1)
    treetop (1.6.10)
      polyglot (~> 0.3)
    treetop-dcf (0.2.1)
      treetop (>= 1.2.5)

PLATFORMS
  ruby

DEPENDENCIES
  sequel
  sqlite3
  treetop-dcf

BUNDLED WITH
   2.0.2
