GEM
  remote: https://rubygems.org/
  specs:
    diff-lcs (1.3)
    polyglot (0.3.5)
    rspec (3.9.0)
      rspec-core (~> 3.9.0)
      rspec-expectations (~> 3.9.0)
      rspec-mocks (~> 3.9.0)
    rspec-core (3.9.0)
      rspec-support (~> 3.9.0)
    rspec-expectations (3.9.0)
      diff-lcs (>= 1.2.0, < 2.0)
      rspec-support (~> 3.9.0)
    rspec-mocks (3.9.0)
      diff-lcs (>= 1.2.0, < 2.0)
      rspec-support (~> 3.9.0)
    rspec-support (3.9.0)
    sequel (5.26.0)
    sqlite3 (1.4.1)
    treetop (1.6.10)
      polyglot (~> 0.3)
    treetop-dcf (0.2.1)
      treetop (>= 1.2.5)

PLATFORMS
  ruby

DEPENDENCIES
  rspec
  sequel
  sqlite3
  treetop-dcf

BUNDLED WITH
   2.0.2
